GEM
  remote: http://rubygems.org/
  specs:
    amq-protocol (1.8.0)
    bunny (1.0.3)
      amq-protocol (>= 1.8.0)
    json (1.8.1)
    rake (10.1.0)

PLATFORMS
  ruby

DEPENDENCIES
  bunny (~> 1.0.0)
  json
  rake
